GEM
  remote: https://rubygems.org/
  specs:
    connection_pool (2.4.1)
    minitest (5.20.0)
    net-http-persistent (4.0.2)
      connection_pool (~> 2.2)
    rake (13.1.0)

PLATFORMS
  ruby
  x86_64-linux

DEPENDENCIES
  minitest
  net-http-persistent (~> 4.0)
  rake (= 13.1.0)

BUNDLED WITH
   2.4.21
