PATH
  remote: .
  specs:
    direct7 (0.0.9)
      http
      json
      net-http-persistent (~> 4.0)
      rake (~> 13.1.0)

GEM
  remote: https://rubygems.org/
  specs:
    addressable (2.8.5)
      public_suffix (>= 2.0.2, < 6.0)
    connection_pool (2.4.1)
    domain_name (0.5.20190701)
      unf (>= 0.0.5, < 1.0.0)
    ffi (1.16.3)
    ffi-compiler (1.0.1)
      ffi (>= 1.0.0)
      rake
    http (5.1.1)
      addressable (~> 2.8)
      http-cookie (~> 1.0)
      http-form_data (~> 2.2)
      llhttp-ffi (~> 0.4.0)
    http-cookie (1.0.5)
      domain_name (~> 0.5)
    http-form_data (2.3.0)
    json (2.6.3)
    llhttp-ffi (0.4.0)
      ffi-compiler (~> 1.0)
      rake (~> 13.0)
    minitest (5.20.0)
    net-http-persistent (4.0.2)
      connection_pool (~> 2.2)
    public_suffix (5.0.3)
    rake (13.1.0)
    unf (0.1.4)
      unf_ext
    unf_ext (0.0.8.2)
    yard (0.9.34)

PLATFORMS
  ruby
  x86_64-linux

DEPENDENCIES
  bundler
  direct7!
  http (= 5.1.1)
  minitest
  net-http-persistent (~> 4.0)
  rake (= 13.1.0)
  yard

BUNDLED WITH
   2.4.21
